GEM
  remote: http://rubygems.org/
  specs:
    addressable (2.3.2)
    google_calendar (0.2.2)
      addressable (>= 2.2.2)
      nokogiri (>= 1.4.4)
    mustermann (1.1.1)
      ruby2_keywords (~> 0.0.1)
    nokogiri (1.5.5)
    rack (2.2.3)
    rack-protection (2.2.0)
      rack
    ruby2_keywords (0.0.5)
    sinatra (2.2.0)
      mustermann (~> 1.0)
      rack (~> 2.2)
      rack-protection (= 2.2.0)
      tilt (~> 2.0)
    tilt (2.0.10)

PLATFORMS
  ruby

DEPENDENCIES
  google_calendar
  sinatra
