GEM
  remote: http://rubygems.org/
  specs:
    addressable (2.3.2)
    google_calendar (0.2.2)
      addressable (>= 2.2.2)
      nokogiri (>= 1.4.4)
    nokogiri (1.5.5)
    rack (1.6.12)
    rack-protection (1.2.0)
      rack
    sinatra (1.3.2)
      rack (~> 1.3, >= 1.3.6)
      rack-protection (~> 1.2)
      tilt (~> 1.3, >= 1.3.3)
    tilt (1.3.3)

PLATFORMS
  ruby

DEPENDENCIES
  google_calendar
  sinatra
